PATH
  remote: .
  specs:
    pbom (0.1.0)
      packageurl-ruby

GEM
  remote: https://rubygems.org/
  specs:
    minitest (5.23.1)
    packageurl-ruby (0.1.0)
    rake (13.2.1)

PLATFORMS
  arm64-darwin-21
  ruby

DEPENDENCIES
  minitest (~> 5.16)
  pbom!
  rake (~> 13.0)

BUNDLED WITH
   2.5.12
