PATH
  remote: .
  specs:
    pbom (0.1.1)
      cff
      faraday
      json
      packageurl-ruby

GEM
  remote: https://rubygems.org/
  specs:
    cff (1.2.0)
      json_schema (~> 0.20.4)
      language_list (~> 1.2.1)
    faraday (2.12.0)
      faraday-net_http (>= 2.0, < 3.4)
      json
      logger
    faraday-net_http (3.3.0)
      net-http
    json (2.7.2)
    json_schema (0.20.9)
    language_list (1.2.1)
    logger (1.6.1)
    minitest (5.25.1)
    net-http (0.4.1)
      uri
    packageurl-ruby (0.1.0)
    rake (13.2.1)
    uri (0.13.1)

PLATFORMS
  arm64-darwin-21
  ruby

DEPENDENCIES
  minitest (~> 5.16)
  pbom!
  rake (~> 13.0)

BUNDLED WITH
   2.5.21
